GEM
  remote: http://rubygems.org/
  specs:
    chunky_png (1.1.0)
    compass (0.11.beta.5)
      chunky_png (~> 1.1.0)
      sass (>= 3.1.0.alpha.249)
    rack (1.2.2)
    rake (0.9.0)
    sass (3.1.0.alpha.252)
    shotgun (0.9)
      rack (>= 1.0)
    sinatra (1.3.0.a)
      rack (~> 1.2)
      tilt (>= 1.2.2, < 2.0)
    tilt (1.2.2)

PLATFORMS
  ruby

DEPENDENCIES
  compass (= 0.11.beta.5)
  rake
  shotgun (= 0.9)
  sinatra (= 1.3.0.a)
